GEM
  remote: https://gems.ruby-china.com/
  specs:
    nokogiri (1.13.4-arm64-darwin)
      racc (~> 1.4)
    racc (1.6.0)
    reverse_markdown (2.1.1)
      nokogiri

PLATFORMS
  arm64-darwin-21

DEPENDENCIES
  reverse_markdown

BUNDLED WITH
   2.3.7
